GIT
  remote: git@github.com:torben/MotionModel.git
  revision: 9f663a2819e4e9f3325a2f186f892f4cfcd241d1
  branch: limit_support
  specs:
    motion_model (0.4.6)
      bubble-wrap (>= 1.3.0)
      motion-support (>= 0.1.0)

GEM
  remote: https://rubygems.org/
  specs:
    bubble-wrap (1.4.0)
    colorize (0.5.8)
    motion-colorize (1.0)
      colorize (~> 0.5.8)
    motion-require (0.0.7)
    motion-support (0.2.5)
      motion-require (>= 0.0.6)
    motion_model_resource (0.1.6)
      bubble-wrap (>= 1.3.0)
      motion-support (>= 0.1.0)
      webstub (>= 0.3.0)
    rake (10.1.0)
    webstub (1.0.1)

PLATFORMS
  ruby

DEPENDENCIES
  bubble-wrap
  motion-colorize
  motion-support
  motion_model!
  motion_model_resource
  rake
